{
  "AcquisitionMatrixPE": 80,
  "AcquisitionNumber": 1,
  "AcquisitionTime": "12:18:6.530000",
  "BandwidthPerPixelPhaseEncode": 51.02,
  "BaseResolution": 80,
  "BodyPartExamined": "BRAIN",
  "CoilCombinationMethod": "Sum of Squares",
  "ConsistencyInfo": "N4_VE11E_LATEST_20181129",
  "ConversionSoftware": "dcm2niix",
  "ConversionSoftwareVersion": "v1.0.20220720",
  "DerivedVendorReportedEchoSpacing": 0.000490004,
  "DeviceSerialNumber": "166048",
  "DwellTime": 2.5e-06,
  "EchoNumber": 3,
  "EchoTime": 0.04928,
  "EchoTrainLength": 34,
  "EffectiveEchoSpacing": 0.000245002,
  "FlipAngle": 50,
  "HeudiconvVersion": "1.1.0",
  "ImageComments": "Unaliased MB3/PE4/LB SENSE1+",
  "ImageOrientationPatientDICOM": [
    1,
    -2.2816e-05,
    -0.000164034,
    5.74304e-08,
    0.990512,
    -0.137424
  ],
  "ImageOrientationText": "Tra>Cor(-7.9)>Sag(-0.0)",
  "ImageType": [
    "ORIGINAL",
    "PRIMARY",
    "M",
    "MB",
    "TE3",
    "ND",
    "NORM",
    "MOSAIC"
  ],
  "ImagingFrequency": 123.256,
  "InPlanePhaseEncodingDirectionDICOM": "COL",
  "InstitutionAddress": "North 13th 1701,Philadelphia,PA,US,19122",
  "InstitutionName": "Temple University",
  "InstitutionalDepartmentName": "Department",
  "MRAcquisitionType": "2D",
  "MagneticFieldStrength": 3,
  "Manufacturer": "Siemens",
  "ManufacturersModelName": "Prisma",
  "MatrixCoilMode": "GRAPPA",
  "Modality": "MR",
  "MultibandAccelerationFactor": 3,
  "NonlinearGradientCorrection": false,
  "ParallelReductionFactorInPlane": 2,
  "PartialFourier": 0.875,
  "PatientPosition": "HFS",
  "PercentPhaseFOV": 100,
  "PercentSampling": 100,
  "PhaseEncodingDirection": "j-",
  "PhaseEncodingSteps": 69,
  "PhaseResolution": 1,
  "PixelBandwidth": 2500,
  "ProcedureStepDescription": "Smith Lab^SRA",
  "ProtocolName": "task-SocialDoors_face_CMRR_MB3_IP2_ME4_TR1615",
  "PulseSequenceDetails": "%CustomerSeq%\\cmrr_mbep2d_bold",
  "ReceiveCoilActiveElements": "HE1-4",
  "ReceiveCoilName": "HeadNeck_20",
  "ReconMatrixPE": 80,
  "RefLinesPE": 58,
  "RepetitionTime": 1.615,
  "SAR": 0.0334688,
  "ScanOptions": "PFP\\FS",
  "ScanningSequence": "EP",
  "SequenceName": "epfid2d4_80",
  "SequenceVariant": "SK\\SS",
  "SeriesDescription": "task-SocialDoors_face_CMRR_MB3_IP2_ME4_TR1615",
  "SeriesNumber": 17,
  "ShimSetting": [
    3017,
    -11818,
    6777,
    266,
    -6,
    -143,
    -16,
    9
  ],
  "SliceThickness": 2.7,
  "SliceTiming": [
    1.5,
    1.4075,
    1.3125,
    1.22,
    1.125,
    1.03,
    0.9375,
    0.8425,
    0.75,
    0.655,
    0.5625,
    0.4675,
    0.375,
    0.28,
    0.1875,
    0.0925,
    0,
    1.5,
    1.4075,
    1.3125,
    1.22,
    1.125,
    1.03,
    0.9375,
    0.8425,
    0.75,
    0.655,
    0.5625,
    0.4675,
    0.375,
    0.28,
    0.1875,
    0.0925,
    0,
    1.5,
    1.4075,
    1.3125,
    1.22,
    1.125,
    1.03,
    0.9375,
    0.8425,
    0.75,
    0.655,
    0.5625,
    0.4675,
    0.375,
    0.28,
    0.1875,
    0.0925,
    0
  ],
  "SoftwareVersions": "syngo MR E11",
  "SpacingBetweenSlices": 2.97,
  "StationName": "AWP166048",
  "TaskName": "socialdoors",
  "TotalReadoutTime": 0.0193552,
  "TxRefAmp": 285.944,
  "WipMemBlock": "d1bcc7a1-0adf-45a1-a157-652c9f7e8d59||Sequence: R016 ve11e/master r/434b28f1; Aug  7 2019 18:53:46 by eja"
}