{
  "AcquisitionMatrixPE": 80,
  "AcquisitionNumber": 1,
  "AcquisitionTime": "13:53:18.985000",
  "BandwidthPerPixelPhaseEncode": 51.02,
  "BaseResolution": 80,
  "BodyPartExamined": "BRAIN",
  "CoilCombinationMethod": "Sum of Squares",
  "ConsistencyInfo": "N4_VE11E_LATEST_20181129",
  "ConversionSoftware": "dcm2niix",
  "ConversionSoftwareVersion": "v1.0.20220720",
  "DerivedVendorReportedEchoSpacing": 0.000490004,
  "DeviceSerialNumber": "166048",
  "DwellTime": 2.5e-06,
  "EchoNumber": 1,
  "EchoTime": 0.0138,
  "EchoTime1": 0.0138,
  "EchoTime2": 0.03154,
  "EchoTrainLength": 34,
  "EffectiveEchoSpacing": 0.000245002,
  "FlipAngle": 50,
  "HeudiconvVersion": "1.1.0",
  "ImageComments": "Single-band reference SENSE1+",
  "ImageOrientationPatientDICOM": [
    1,
    0,
    0,
    0,
    0.999701,
    -0.0244322
  ],
  "ImageOrientationText": "Tra>Cor(-1.4)",
  "ImageType": [
    "ORIGINAL",
    "PRIMARY",
    "P",
    "TE1",
    "ND",
    "MOSAIC",
    "PHASE"
  ],
  "ImagingFrequency": 123.256,
  "InPlanePhaseEncodingDirectionDICOM": "COL",
  "InstitutionAddress": "North 13th 1701,Philadelphia,PA,US,19122",
  "InstitutionName": "Temple University - Weiss Hall",
  "InstitutionalDepartmentName": "Department",
  "MRAcquisitionType": "2D",
  "MagneticFieldStrength": 3,
  "Manufacturer": "Siemens",
  "ManufacturersModelName": "Prisma",
  "MatrixCoilMode": "GRAPPA",
  "Modality": "MR",
  "NonlinearGradientCorrection": false,
  "ParallelReductionFactorInPlane": 2,
  "PartialFourier": 0.875,
  "PatientPosition": "HFS",
  "PercentPhaseFOV": 100,
  "PercentSampling": 100,
  "PhaseEncodingDirection": "j-",
  "PhaseEncodingSteps": 69,
  "PhaseResolution": 1,
  "PixelBandwidth": 2500,
  "ProcedureStepDescription": "Smith Lab^SRA",
  "ProtocolName": "task-SocialDoors_doors_CMRR_MB3_IP2_ME4_TR1615",
  "PulseSequenceDetails": "%CustomerSeq%\\cmrr_mbep2d_bold",
  "ReceiveCoilActiveElements": "HE1-4",
  "ReceiveCoilName": "HeadNeck_20",
  "ReconMatrixPE": 80,
  "RefLinesPE": 58,
  "RepetitionTime": 1.615,
  "SAR": 0.029013,
  "ScanOptions": "PFP\\FS",
  "ScanningSequence": "EP",
  "SequenceName": "epfid2d4_80",
  "SequenceVariant": "SK\\SS",
  "SeriesDescription": "task-SocialDoors_doors_CMRR_MB3_IP2_ME4_TR1615_SBRef",
  "SeriesNumber": 13,
  "ShimSetting": [
    3021,
    -11861,
    6800,
    182,
    29,
    -182,
    178,
    44
  ],
  "SliceThickness": 2.7,
  "SliceTiming": [
    4.6925,
    4.5975,
    4.505,
    4.41,
    4.3175,
    4.2225,
    4.1275,
    4.035,
    3.94,
    3.8475,
    3.7525,
    3.66,
    3.565,
    3.4725,
    3.3775,
    3.285,
    3.19,
    3.0975,
    3.0025,
    2.91,
    2.815,
    2.7225,
    2.6275,
    2.5325,
    2.44,
    2.345,
    2.2525,
    2.1575,
    2.065,
    1.97,
    1.8775,
    1.7825,
    1.69,
    1.595,
    1.5025,
    1.4075,
    1.315,
    1.22,
    1.1275,
    1.0325,
    0.94,
    0.845,
    0.75,
    0.6575,
    0.5625,
    0.47,
    0.375,
    0.2825,
    0.1875,
    0.095,
    0
  ],
  "SoftwareVersions": "syngo MR E11",
  "SpacingBetweenSlices": 2.97,
  "StationName": "AWP166048",
  "TaskName": "doors",
  "TotalReadoutTime": 0.0193552,
  "TxRefAmp": 253.635,
  "WipMemBlock": "00d08ee8-c0a0-4811-a968-d7fa82d1b881||Sequence: R016 ve11e/master r/434b28f1; Aug  7 2019 18:53:46 by eja"
}