{
  "AcquisitionMatrixPE": 192,
  "AcquisitionNumber": 1,
  "AcquisitionTime": "12:53:59.155000",
  "BaseResolution": 256,
  "BodyPartExamined": "BRAIN",
  "CoilCombinationMethod": "Adaptive Combine",
  "ConsistencyInfo": "N4_VE11E_LATEST_20181129",
  "ConversionSoftware": "dcm2niix",
  "ConversionSoftwareVersion": "v1.0.20220720",
  "DeviceSerialNumber": "166048",
  "DwellTime": 7.2e-06,
  "EchoTime": 0.088,
  "EchoTrainLength": 17,
  "FlipAngle": 150,
  "HeudiconvVersion": "1.1.0",
  "ImageOrientationPatientDICOM": [0.998634, -0.00464906, 0.0520459, -5.6622e-11, 0.996034, 0.088972],
  "ImageOrientationText": "Tra>Cor(5.1)>Sag(3.0)",
  "ImageType": [
    "ORIGINAL",
    "PRIMARY",
    "M",
    "ND",
    "NORM"
],
  "ImagingFrequency": 123.256,
  "InPlanePhaseEncodingDirectionDICOM": "ROW",
  "InstitutionAddress": "North 13th 1701,Philadelphia,PA,US,19122",
  "InstitutionName": "Temple University - Weiss Hall",
  "InstitutionalDepartmentName": "Department",
  "InversionTime": 2.5,
  "MRAcquisitionType": "2D",
  "MagneticFieldStrength": 3,
  "Manufacturer": "Siemens",
  "ManufacturersModelName": "Prisma",
  "MatrixCoilMode": "GRAPPA",
  "Modality": "MR",
  "NonlinearGradientCorrection": false,
  "ParallelReductionFactorInPlane": 3,
  "PartialFourier": 1,
  "PatientPosition": "HFS",
  "PercentPhaseFOV": 100,
  "PercentSampling": 75,
  "PhaseEncodingDirection": "i",
  "PhaseEncodingSteps": 190,
  "PhaseResolution": 0.75,
  "PixelBandwidth": 270,
  "ProcedureStepDescription": "Smith Lab^SRA",
  "ProtocolName": "t2_tse_dark-fluid_tra_p3",
  "PulseSequenceDetails": "%SiemensSeq%\\tse",
  "ReceiveCoilActiveElements": "HE1-4;NE1,2",
  "ReceiveCoilName": "HeadNeck_20",
  "ReconMatrixPE": 256,
  "RefLinesPE": 32,
  "RepetitionTime": 9,
  "SAR": 0.299164,
  "ScanOptions": "IR\\FS",
  "ScanningSequence": "SE\\IR",
  "SequenceName": "*tir2d1_17",
  "SequenceVariant": "SK\\SP\\MP",
  "SeriesDescription": "t2_tse_dark-fluid_tra_p3",
  "SeriesNumber": 34,
  "ShimSetting": [3020, -11869, 6809, 396, -17, -26, -8, 67],
  "SliceThickness": 3,
  "SliceTiming": [0, 54, 0.1875, 54.1875, 0.375, 54.375, 0.5625, 54.5625, 0.75, 54.75, 0.94531, 54.9453, 1.13281, 55.1328, 1.32031, 55.3203, 1.50781, 55.5078, 1.69531, 55.6953, 1.88281, 55.8828, 2.07031, 56.0703, 2.26562, 56.2656, 2.45312, 56.4531, 2.64062, 56.6406, 2.82812, 56.8281, 3.01562, 57.0156, 3.20312, 57.2031, 3.39844, 57.3984, 3.58594, 57.5859, 3.77344, 57.7734, 3.96094, 57.9609, 4.14844, 58.1484, 4.33594],
  "SoftwareVersions": "syngo MR E11",
  "SpacingBetweenSlices": 3,
  "SpoilingState": true,
  "StationName": "AWP166048",
  "TxRefAmp": 243.451}