{
  "AcquisitionMatrixPE": 80,
  "AcquisitionNumber": 1,
  "AcquisitionTime": "11:00:12.797500",
  "BaseResolution": 80,
  "BodyPartExamined": "BRAIN",
  "CoilCombinationMethod": "Sum of Squares",
  "ConsistencyInfo": "N4_VE11E_LATEST_20181129",
  "ConversionSoftware": "dcm2niix",
  "ConversionSoftwareVersion": "v1.0.20220720",
  "DeviceSerialNumber": "166048",
  "DwellTime": 1.78e-05,
  "EchoNumber": 2,
  "EchoTime": 0.00738,
  "EchoTime1": 0.00492,
  "EchoTime2": 0.00738,
  "FlipAngle": 60,
  "HeudiconvVersion": "1.1.0",
  "ImageOrientationPatientDICOM": [1, 0, 0, 0, 1, 0],
  "ImageOrientationText": "Tra",
  "ImageType": [
    "ORIGINAL",
    "PRIMARY",
    "P",
    "ND",
    "PHASE"
],
  "ImagingFrequency": 123.256,
  "InPlanePhaseEncodingDirectionDICOM": "COL",
  "InstitutionAddress": "North 13th 1701,Philadelphia,PA,US,19122",
  "InstitutionName": "Temple University - Weiss Hall",
  "InstitutionalDepartmentName": "Department",
  "IntendedFor": [
    "func/sub-10794_task-doors_run-1_echo-1_part-mag_bold.nii.gz",
    "func/sub-10794_task-doors_run-1_echo-1_part-phase_bold.nii.gz",
    "func/sub-10794_task-doors_run-1_echo-2_part-mag_bold.nii.gz",
    "func/sub-10794_task-doors_run-1_echo-2_part-phase_bold.nii.gz",
    "func/sub-10794_task-doors_run-1_echo-3_part-mag_bold.nii.gz",
    "func/sub-10794_task-doors_run-1_echo-3_part-phase_bold.nii.gz",
    "func/sub-10794_task-doors_run-1_echo-4_part-mag_bold.nii.gz",
    "func/sub-10794_task-doors_run-1_echo-4_part-phase_bold.nii.gz",
    "func/sub-10794_task-sharedreward_run-1_echo-1_part-mag_bold.nii.gz",
    "func/sub-10794_task-sharedreward_run-1_echo-1_part-phase_bold.nii.gz",
    "func/sub-10794_task-sharedreward_run-1_echo-2_part-mag_bold.nii.gz",
    "func/sub-10794_task-sharedreward_run-1_echo-2_part-phase_bold.nii.gz",
    "func/sub-10794_task-sharedreward_run-1_echo-3_part-mag_bold.nii.gz",
    "func/sub-10794_task-sharedreward_run-1_echo-3_part-phase_bold.nii.gz",
    "func/sub-10794_task-sharedreward_run-1_echo-4_part-mag_bold.nii.gz",
    "func/sub-10794_task-sharedreward_run-1_echo-4_part-phase_bold.nii.gz",
    "func/sub-10794_task-sharedreward_run-2_echo-1_part-mag_bold.nii.gz",
    "func/sub-10794_task-sharedreward_run-2_echo-1_part-phase_bold.nii.gz",
    "func/sub-10794_task-sharedreward_run-2_echo-2_part-mag_bold.nii.gz",
    "func/sub-10794_task-sharedreward_run-2_echo-2_part-phase_bold.nii.gz",
    "func/sub-10794_task-sharedreward_run-2_echo-3_part-mag_bold.nii.gz",
    "func/sub-10794_task-sharedreward_run-2_echo-3_part-phase_bold.nii.gz",
    "func/sub-10794_task-sharedreward_run-2_echo-4_part-mag_bold.nii.gz",
    "func/sub-10794_task-sharedreward_run-2_echo-4_part-phase_bold.nii.gz",
    "func/sub-10794_task-socialdoors_run-1_echo-1_part-mag_bold.nii.gz",
    "func/sub-10794_task-socialdoors_run-1_echo-1_part-phase_bold.nii.gz",
    "func/sub-10794_task-socialdoors_run-1_echo-2_part-mag_bold.nii.gz",
    "func/sub-10794_task-socialdoors_run-1_echo-2_part-phase_bold.nii.gz",
    "func/sub-10794_task-socialdoors_run-1_echo-3_part-mag_bold.nii.gz",
    "func/sub-10794_task-socialdoors_run-1_echo-3_part-phase_bold.nii.gz",
    "func/sub-10794_task-socialdoors_run-1_echo-4_part-mag_bold.nii.gz",
    "func/sub-10794_task-socialdoors_run-1_echo-4_part-phase_bold.nii.gz",
    "func/sub-10794_task-trust_run-1_echo-1_part-mag_bold.nii.gz",
    "func/sub-10794_task-trust_run-1_echo-1_part-phase_bold.nii.gz",
    "func/sub-10794_task-trust_run-1_echo-2_part-mag_bold.nii.gz",
    "func/sub-10794_task-trust_run-1_echo-2_part-phase_bold.nii.gz",
    "func/sub-10794_task-trust_run-1_echo-3_part-mag_bold.nii.gz",
    "func/sub-10794_task-trust_run-1_echo-3_part-phase_bold.nii.gz",
    "func/sub-10794_task-trust_run-1_echo-4_part-mag_bold.nii.gz",
    "func/sub-10794_task-trust_run-1_echo-4_part-phase_bold.nii.gz",
    "func/sub-10794_task-trust_run-2_echo-1_part-mag_bold.nii.gz",
    "func/sub-10794_task-trust_run-2_echo-1_part-phase_bold.nii.gz",
    "func/sub-10794_task-trust_run-2_echo-2_part-mag_bold.nii.gz",
    "func/sub-10794_task-trust_run-2_echo-2_part-phase_bold.nii.gz",
    "func/sub-10794_task-trust_run-2_echo-3_part-mag_bold.nii.gz",
    "func/sub-10794_task-trust_run-2_echo-3_part-phase_bold.nii.gz",
    "func/sub-10794_task-trust_run-2_echo-4_part-mag_bold.nii.gz",
    "func/sub-10794_task-trust_run-2_echo-4_part-phase_bold.nii.gz",
    "func/sub-10794_task-ugr_run-1_echo-1_part-mag_bold.nii.gz",
    "func/sub-10794_task-ugr_run-1_echo-1_part-phase_bold.nii.gz",
    "func/sub-10794_task-ugr_run-1_echo-2_part-mag_bold.nii.gz",
    "func/sub-10794_task-ugr_run-1_echo-2_part-phase_bold.nii.gz",
    "func/sub-10794_task-ugr_run-1_echo-3_part-mag_bold.nii.gz",
    "func/sub-10794_task-ugr_run-1_echo-3_part-phase_bold.nii.gz",
    "func/sub-10794_task-ugr_run-1_echo-4_part-mag_bold.nii.gz",
    "func/sub-10794_task-ugr_run-1_echo-4_part-phase_bold.nii.gz",
    "func/sub-10794_task-ugr_run-2_echo-1_part-mag_bold.nii.gz",
    "func/sub-10794_task-ugr_run-2_echo-1_part-phase_bold.nii.gz",
    "func/sub-10794_task-ugr_run-2_echo-2_part-mag_bold.nii.gz",
    "func/sub-10794_task-ugr_run-2_echo-2_part-phase_bold.nii.gz",
    "func/sub-10794_task-ugr_run-2_echo-3_part-mag_bold.nii.gz",
    "func/sub-10794_task-ugr_run-2_echo-3_part-phase_bold.nii.gz",
    "func/sub-10794_task-ugr_run-2_echo-4_part-mag_bold.nii.gz",
    "func/sub-10794_task-ugr_run-2_echo-4_part-phase_bold.nii.gz"
],
  "MRAcquisitionType": "2D",
  "MagneticFieldStrength": 3,
  "Manufacturer": "Siemens",
  "ManufacturersModelName": "Prisma",
  "MatrixCoilMode": "SENSE",
  "Modality": "MR",
  "NonlinearGradientCorrection": false,
  "PartialFourier": 1,
  "PatientPosition": "HFS",
  "PercentPhaseFOV": 100,
  "PercentSampling": 100,
  "PhaseEncodingDirection": "j-",
  "PhaseEncodingSteps": 80,
  "PhaseResolution": 1,
  "PixelBandwidth": 350,
  "ProcedureStepDescription": "Smith Lab^SRA",
  "ProtocolName": "fmap_gre_field_mapping_2p8iso",
  "PulseSequenceDetails": "%SiemensSeq%\\gre_field_mapping",
  "ReceiveCoilActiveElements": "HE1-4;NE1,2",
  "ReceiveCoilName": "HeadNeck_20",
  "ReconMatrixPE": 80,
  "RepetitionTime": 0.645,
  "SAR": 0.123449,
  "ScanningSequence": "GR",
  "SequenceName": "*fm2d2r",
  "SequenceVariant": "SP",
  "SeriesDescription": "fmap_gre_field_mapping_2p8iso",
  "SeriesNumber": 6,
  "ShimSetting": [3046, -11818, 6732, 193, 41, -181, -55, -16],
  "SliceThickness": 2.7,
  "SliceTiming": [0.32031, 0, 0.33594, 0.00781, 0.34375, 0.02344, 0.35938, 0.03125, 0.36719, 0.04688, 0.38281, 0.05469, 0.39062, 0.07031, 0.40625, 0.07812, 0.41406, 0.09375, 0.42969, 0.10938, 0.4375, 0.11719, 0.45312, 0.13281, 0.46094, 0.14062, 0.47656, 0.15625, 0.49219, 0.16406, 0.5, 0.17969, 0.50781, 0.1875, 0.52344, 0.20312, 0.53906, 0.21094, 0.54688, 0.22656, 0.5625, 0.24219, 0.57031, 0.25, 0.58594, 0.25781, 0.59375, 0.27344, 0.60938, 0.28906, 0.61719, 0.29688, 0.63281, 0.30469],
  "SoftwareVersions": "syngo MR E11",
  "SpacingBetweenSlices": 2.97,
  "StationName": "AWP166048",
  "TxRefAmp": 281.052}