{
  "AcquisitionMatrixPE": 80,
  "AcquisitionNumber": 1,
  "AcquisitionTime": "18:37:50.285000",
  "BandwidthPerPixelPhaseEncode": 51.02,
  "BaseResolution": 80,
  "BodyPartExamined": "BRAIN",
  "CoilCombinationMethod": "Sum of Squares",
  "ConsistencyInfo": "N4_VE11E_LATEST_20181129",
  "ConversionSoftware": "dcm2niix",
  "ConversionSoftwareVersion": "v1.0.20220720",
  "DerivedVendorReportedEchoSpacing": 0.000490004,
  "DeviceSerialNumber": "166048",
  "DwellTime": 2.5e-06,
  "EchoNumber": 2,
  "EchoTime": 0.03154,
  "EchoTime1": 0.0138,
  "EchoTime2": 0.03154,
  "EchoTrainLength": 34,
  "EffectiveEchoSpacing": 0.000245002,
  "FlipAngle": 50,
  "HeudiconvVersion": "1.1.0",
  "ImageComments": "Single-band reference SENSE1+",
  "ImageOrientationPatientDICOM": [
    1,
    0,
    0,
    0,
    0.997916,
    0.0645323
  ],
  "ImageOrientationText": "Tra>Cor(3.7)",
  "ImageType": [
    "ORIGINAL",
    "PRIMARY",
    "P",
    "TE2",
    "ND",
    "MOSAIC",
    "PHASE"
  ],
  "ImagingFrequency": 123.256,
  "InPlanePhaseEncodingDirectionDICOM": "COL",
  "InstitutionAddress": "North 13th 1701,Philadelphia,PA,US,19122",
  "InstitutionName": "Temple University - Weiss Hall",
  "InstitutionalDepartmentName": "Department",
  "MRAcquisitionType": "2D",
  "MagneticFieldStrength": 3,
  "Manufacturer": "Siemens",
  "ManufacturersModelName": "Prisma",
  "MatrixCoilMode": "GRAPPA",
  "Modality": "MR",
  "NonlinearGradientCorrection": false,
  "ParallelReductionFactorInPlane": 2,
  "PartialFourier": 0.875,
  "PatientPosition": "HFS",
  "PercentPhaseFOV": 100,
  "PercentSampling": 100,
  "PhaseEncodingDirection": "j-",
  "PhaseEncodingSteps": 69,
  "PhaseResolution": 1,
  "PixelBandwidth": 2500,
  "ProcedureStepDescription": "Smith Lab^SRA",
  "ProtocolName": "task-UGR_run1_CMRR_MB3_IP2_ME4_TR1615",
  "PulseSequenceDetails": "%CustomerSeq%\\cmrr_mbep2d_bold",
  "ReceiveCoilActiveElements": "HE1-4;NE1,2",
  "ReceiveCoilName": "HeadNeck_20",
  "ReconMatrixPE": 80,
  "RefLinesPE": 58,
  "RepetitionTime": 1.71,
  "SAR": 0.0274088,
  "ScanOptions": "PFP\\FS",
  "ScanningSequence": "EP",
  "SequenceName": "epfid2d4_80",
  "SequenceVariant": "SK\\SS",
  "SeriesDescription": "task-UGR_run1_CMRR_MB3_IP2_ME4_TR1615_SBRef",
  "SeriesNumber": 10,
  "ShimSetting": [
    3033,
    -11837,
    6774,
    233,
    -9,
    -321,
    -100,
    -5
  ],
  "SliceThickness": 2.7,
  "SliceTiming": [
    4.975,
    4.88,
    4.7875,
    4.6925,
    4.6,
    4.505,
    4.4125,
    4.3175,
    4.225,
    4.13,
    4.0375,
    3.9425,
    3.8475,
    3.755,
    3.66,
    3.5675,
    3.4725,
    3.38,
    3.285,
    3.1925,
    3.0975,
    3.0025,
    2.91,
    2.815,
    2.7225,
    2.6275,
    2.535,
    2.44,
    2.3475,
    2.2525,
    2.1575,
    2.065,
    1.97,
    1.8775,
    1.7825,
    1.69,
    1.595,
    1.5025,
    1.4075,
    1.3125,
    1.22,
    1.125,
    1.0325,
    0.9375,
    0.845,
    0.75,
    0.6575,
    0.5625,
    0.47,
    0.375,
    0.28,
    0.1875,
    0.0925,
    0
  ],
  "SoftwareVersions": "syngo MR E11",
  "SpacingBetweenSlices": 2.97,
  "StationName": "AWP166048",
  "TaskName": "ugr",
  "TotalReadoutTime": 0.0193552,
  "TxRefAmp": 237.997,
  "WipMemBlock": "1c979408-fdb8-43a1-af3a-943e6b5b6e8d||Sequence: R016 ve11e/master r/434b28f1; Aug  7 2019 18:53:46 by eja"
}