{
  "AcquisitionMatrixPE": 120,
  "AcquisitionNumber": 1,
  "AcquisitionTime": "14:50:59.412500",
  "BandwidthPerPixelPhaseEncode": 30.864,
  "BaseResolution": 120,
  "BodyPartExamined": "BRAIN",
  "CoilCombinationMethod": "Sum of Squares",
  "ConsistencyInfo": "N4_VE11E_LATEST_20181129",
  "ConversionSoftware": "dcm2niix",
  "ConversionSoftwareVersion": "v1.0.20220720",
  "DerivedVendorReportedEchoSpacing": 0.000540003,
  "DeviceSerialNumber": "166048",
  "DwellTime": 1.9e-06,
  "EchoTime": 0.0844,
  "EchoTrainLength": 59,
  "EffectiveEchoSpacing": 0.000270002,
  "FlipAngle": 90,
  "HeudiconvVersion": "1.1.0",
  "ImageComments": "Unaliased MB3/PE4 SENSE1",
  "ImageOrientationPatientDICOM": [1, 0, 0, 0, 0.999048, 0.0436194],
  "ImageOrientationText": "Tra>Cor(2.5)",
  "ImageType": [
    "ORIGINAL",
    "PRIMARY",
    "M",
    "MB",
    "ND",
    "MOSAIC"
],
  "ImagingFrequency": 123.256,
  "InPlanePhaseEncodingDirectionDICOM": "COL",
  "InstitutionAddress": "North 13th 1701,Philadelphia,PA,US,19122",
  "InstitutionName": "Temple University - Weiss Hall",
  "InstitutionalDepartmentName": "Department",
  "IntendedFor": [
    "dwi/sub-10606_dwi.nii.gz"
],
  "MRAcquisitionType": "2D",
  "MagneticFieldStrength": 3,
  "Manufacturer": "Siemens",
  "ManufacturersModelName": "Prisma",
  "MatrixCoilMode": "GRAPPA",
  "Modality": "MR",
  "MultibandAccelerationFactor": 3,
  "NonlinearGradientCorrection": false,
  "ParallelReductionFactorInPlane": 2,
  "PartialFourier": 1,
  "PatientPosition": "HFS",
  "PercentPhaseFOV": 100,
  "PercentSampling": 100,
  "PhaseEncodingDirection": "j",
  "PhaseEncodingSteps": 119,
  "PhaseResolution": 1,
  "PixelBandwidth": 2195,
  "ProcedureStepDescription": "Smith Lab^SRA",
  "ProtocolName": "cmrr_fieldmapse_pa",
  "PulseSequenceDetails": "%CustomerSeq%\\cmrr_mbep2d_se",
  "ReceiveCoilActiveElements": "HE1-4;NE1,2",
  "ReceiveCoilName": "HeadNeck_20",
  "ReconMatrixPE": 120,
  "RefLinesPE": 24,
  "RepetitionTime": 2.702,
  "SAR": 0.12526,
  "ScanOptions": "FS",
  "ScanningSequence": "EP",
  "SequenceName": "epse2d1_120",
  "SequenceVariant": "SK",
  "SeriesDescription": "cmrr_fieldmapse_pa",
  "SeriesNumber": 40,
  "ShimSetting": [3062, -11822, 6770, 285, -16, -83, -23, 29],
  "SliceThickness": 2,
  "SliceTiming": [0, 1.3975, 0.115, 1.515, 0.2325, 1.6325, 0.35, 1.7475, 0.465, 1.865, 0.5825, 1.9825, 0.7, 2.0975, 0.815, 2.215, 0.9325, 2.3325, 1.05, 2.4475, 1.165, 2.565, 1.2825, 0, 1.3975, 0.115, 1.515, 0.2325, 1.6325, 0.35, 1.7475, 0.465, 1.865, 0.5825, 1.9825, 0.7, 2.0975, 0.815, 2.215, 0.9325, 2.3325, 1.05, 2.4475, 1.165, 2.565, 1.2825, 0, 1.3975, 0.115, 1.515, 0.2325, 1.6325, 0.35, 1.7475, 0.465, 1.865, 0.5825, 1.9825, 0.7, 2.0975, 0.815, 2.215, 0.9325, 2.3325, 1.05, 2.4475, 1.165, 2.565, 1.2825],
  "SoftwareVersions": "syngo MR E11",
  "SpacingBetweenSlices": 2,
  "StationName": "AWP166048",
  "TotalReadoutTime": 0.0321302,
  "TxRefAmp": 250.449,
  "WipMemBlock": "d0f109c4-1074-44c8-8ce6-e804a6a01b13||Sequence: R016 ve11e/master r/434b28f1; Aug  7 2019 19:20:16 by eja"
}