{
  "AcquisitionMatrixPE": 192,
  "AcquisitionNumber": 1,
  "AcquisitionTime": "17:25:52.412500",
  "BaseResolution": 256,
  "BodyPartExamined": "BRAIN",
  "CoilCombinationMethod": "Adaptive Combine",
  "ConsistencyInfo": "N4_VE11E_LATEST_20181129",
  "ConversionSoftware": "dcm2niix",
  "ConversionSoftwareVersion": "v1.0.20220720",
  "DeviceSerialNumber": "166048",
  "DwellTime": 7.2e-06,
  "EchoTime": 0.088,
  "EchoTrainLength": 17,
  "FlipAngle": 150,
  "HeudiconvVersion": "1.1.0",
  "ImageOrientationPatientDICOM": [1, 4.828e-12, -8.17e-13, -4.897e-12, 0.985996, -0.166769],
  "ImageOrientationText": "Tra>Cor(-9.6)",
  "ImageType": [
    "ORIGINAL",
    "PRIMARY",
    "M",
    "ND",
    "NORM"
],
  "ImagingFrequency": 123.256,
  "InPlanePhaseEncodingDirectionDICOM": "ROW",
  "InstitutionAddress": "North 13th 1701,Philadelphia,PA,US,19122",
  "InstitutionName": "Temple University - Weiss Hall",
  "InstitutionalDepartmentName": "Department",
  "InversionTime": 2.5,
  "MRAcquisitionType": "2D",
  "MagneticFieldStrength": 3,
  "Manufacturer": "Siemens",
  "ManufacturersModelName": "Prisma",
  "MatrixCoilMode": "GRAPPA",
  "Modality": "MR",
  "NonlinearGradientCorrection": false,
  "ParallelReductionFactorInPlane": 3,
  "PartialFourier": 1,
  "PatientPosition": "HFS",
  "PercentPhaseFOV": 100,
  "PercentSampling": 75,
  "PhaseEncodingDirection": "i",
  "PhaseEncodingSteps": 190,
  "PhaseResolution": 0.75,
  "PixelBandwidth": 270,
  "ProcedureStepDescription": "Smith Lab^SRA",
  "ProtocolName": "t2_tse_dark-fluid_tra_p3",
  "PulseSequenceDetails": "%SiemensSeq%\\tse",
  "ReceiveCoilActiveElements": "HE1-4;NE1,2",
  "ReceiveCoilName": "HeadNeck_20",
  "ReconMatrixPE": 256,
  "RefLinesPE": 32,
  "RepetitionTime": 9,
  "SAR": 0.357888,
  "ScanOptions": "IR\\FS",
  "ScanningSequence": "SE\\IR",
  "SequenceName": "*tir2d1_17",
  "SequenceVariant": "SK\\SP\\MP",
  "SeriesDescription": "t2_tse_dark-fluid_tra_p3",
  "SeriesNumber": 31,
  "ShimSetting": [3038, -11824, 6751, 243, -28, -281, 104, 20],
  "SliceThickness": 3,
  "SliceTiming": [0, 54, 0.1875, 54.1875, 0.39062, 54.3906, 0.57812, 54.5781, 0.76562, 54.7656, 0.95312, 54.9531, 1.14062, 55.1406, 1.32812, 55.3281, 1.51562, 55.5156, 1.70312, 55.7031, 1.89062, 55.8906, 2.07812, 56.0781, 2.26562, 56.2656, 2.45312, 56.4531, 2.64062, 56.6406, 2.84375, 56.8438, 3.03125, 57.0312, 3.21875, 57.2188, 3.40625, 57.4062, 3.59375, 57.5938, 3.78125, 57.7812, 3.96875, 57.9688, 4.15625, 58.1562, 4.34375],
  "SoftwareVersions": "syngo MR E11",
  "SpacingBetweenSlices": 3,
  "SpoilingState": true,
  "StationName": "AWP166048",
  "TxRefAmp": 303.549}