{
  "AcquisitionMatrixPE": 120,
  "AcquisitionNumber": 1,
  "AcquisitionTime": "12:07:2.505000",
  "BandwidthPerPixelPhaseEncode": 30.864,
  "BaseResolution": 120,
  "BodyPartExamined": "BRAIN",
  "CoilCombinationMethod": "Sum of Squares",
  "ConsistencyInfo": "N4_VE11E_LATEST_20181129",
  "ConversionSoftware": "dcm2niix",
  "ConversionSoftwareVersion": "v1.0.20220720",
  "DerivedVendorReportedEchoSpacing": 0.000540003,
  "DeviceSerialNumber": "166048",
  "DwellTime": 1.9e-06,
  "EchoTime": 0.0846,
  "EchoTrainLength": 59,
  "EffectiveEchoSpacing": 0.000270002,
  "FlipAngle": 90,
  "HeudiconvVersion": "1.1.0",
  "ImageComments": "Unaliased MB3/PE4 SENSE1",
  "ImageOrientationPatientDICOM": [0.997564, 0, 0.0697565, 0, 1, 0],
  "ImageOrientationText": "Tra>Sag(4.0)",
  "ImageType": [
    "ORIGINAL",
    "PRIMARY",
    "M",
    "MB",
    "ND",
    "MOSAIC"
],
  "ImagingFrequency": 123.256,
  "InPlanePhaseEncodingDirectionDICOM": "COL",
  "InstitutionAddress": "North 13th 1701,Philadelphia,PA,US,19122",
  "InstitutionName": "Temple University",
  "InstitutionalDepartmentName": "Department",
  "IntendedFor": [
    "dwi/sub-10908_dwi.nii.gz"
],
  "MRAcquisitionType": "2D",
  "MagneticFieldStrength": 3,
  "Manufacturer": "Siemens",
  "ManufacturersModelName": "Prisma",
  "MatrixCoilMode": "GRAPPA",
  "Modality": "MR",
  "MultibandAccelerationFactor": 3,
  "NonlinearGradientCorrection": false,
  "ParallelReductionFactorInPlane": 2,
  "PartialFourier": 1,
  "PatientPosition": "HFS",
  "PercentPhaseFOV": 100,
  "PercentSampling": 100,
  "PhaseEncodingDirection": "j-",
  "PhaseEncodingSteps": 119,
  "PhaseResolution": 1,
  "PixelBandwidth": 2195,
  "ProcedureStepDescription": "Smith Lab^SRA",
  "ProtocolName": "cmrr_fieldmapse_ap",
  "PulseSequenceDetails": "%CustomerSeq%\\cmrr_mbep2d_se",
  "ReceiveCoilActiveElements": "HE1-4;NE1,2",
  "ReceiveCoilName": "HeadNeck_20",
  "ReconMatrixPE": 120,
  "RefLinesPE": 24,
  "RepetitionTime": 2.71,
  "SAR": 0.148433,
  "ScanOptions": "FS",
  "ScanningSequence": "EP",
  "SequenceName": "epse2d1_120",
  "SequenceVariant": "SK",
  "SeriesDescription": "cmrr_fieldmapse_ap",
  "SeriesNumber": 38,
  "ShimSetting": [3031, -11830, 6808, 210, -147, -351, 92, -66],
  "SliceThickness": 2,
  "SliceTiming": [0, 1.4025, 0.1175, 1.52, 0.235, 1.6375, 0.35, 1.755, 0.4675, 1.87, 0.585, 1.9875, 0.7025, 2.105, 0.8175, 2.2225, 0.935, 2.34, 1.0525, 2.455, 1.17, 2.5725, 1.2875, 0, 1.4025, 0.1175, 1.52, 0.235, 1.6375, 0.35, 1.755, 0.4675, 1.87, 0.585, 1.9875, 0.7025, 2.105, 0.8175, 2.2225, 0.935, 2.34, 1.0525, 2.455, 1.17, 2.5725, 1.2875, 0, 1.4025, 0.1175, 1.52, 0.235, 1.6375, 0.35, 1.755, 0.4675, 1.87, 0.585, 1.9875, 0.7025, 2.105, 0.8175, 2.2225, 0.935, 2.34, 1.0525, 2.455, 1.17, 2.5725, 1.2875],
  "SoftwareVersions": "syngo MR E11",
  "SpacingBetweenSlices": 2,
  "StationName": "AWP166048",
  "TotalReadoutTime": 0.0321302,
  "TxRefAmp": 302.481,
  "WipMemBlock": "45978919-fd39-4125-acfb-bf6e85d2cdd8||Sequence: R016 ve11e/master r/434b28f1; Aug  7 2019 19:20:16 by eja"
}