{
  "AcquisitionMatrixPE": 80,
  "AcquisitionNumber": 1,
  "AcquisitionTime": "12:29:43.297500",
  "BandwidthPerPixelPhaseEncode": 51.02,
  "BaseResolution": 80,
  "BodyPartExamined": "BRAIN",
  "CoilCombinationMethod": "Sum of Squares",
  "ConsistencyInfo": "N4_VE11E_LATEST_20181129",
  "ConversionSoftware": "dcm2niix",
  "ConversionSoftwareVersion": "v1.0.20220720",
  "DerivedVendorReportedEchoSpacing": 0.000490004,
  "DeviceSerialNumber": "166048",
  "DwellTime": 2.5e-06,
  "EchoNumber": 2,
  "EchoTime": 0.03154,
  "EchoTime1": 0.0138,
  "EchoTime2": 0.03154,
  "EchoTrainLength": 34,
  "EffectiveEchoSpacing": 0.000245002,
  "FlipAngle": 50,
  "HeudiconvVersion": "1.1.0",
  "ImageComments": "Unaliased MB3/PE4/LB SENSE1+",
  "ImageOrientationPatientDICOM": [
    0.998634,
    -0.00464911,
    0.0520459,
    5.23713e-08,
    0.996034,
    0.088972
  ],
  "ImageOrientationText": "Tra>Cor(5.1)>Sag(3.0)",
  "ImageType": [
    "ORIGINAL",
    "PRIMARY",
    "P",
    "MB",
    "TE2",
    "ND",
    "MOSAIC",
    "PHASE"
  ],
  "ImagingFrequency": 123.256,
  "InPlanePhaseEncodingDirectionDICOM": "COL",
  "InstitutionAddress": "North 13th 1701,Philadelphia,PA,US,19122",
  "InstitutionName": "Temple University - Weiss Hall",
  "InstitutionalDepartmentName": "Department",
  "MRAcquisitionType": "2D",
  "MagneticFieldStrength": 3,
  "Manufacturer": "Siemens",
  "ManufacturersModelName": "Prisma",
  "MatrixCoilMode": "GRAPPA",
  "Modality": "MR",
  "MultibandAccelerationFactor": 3,
  "NonlinearGradientCorrection": false,
  "ParallelReductionFactorInPlane": 2,
  "PartialFourier": 0.875,
  "PatientPosition": "HFS",
  "PercentPhaseFOV": 100,
  "PercentSampling": 100,
  "PhaseEncodingDirection": "j-",
  "PhaseEncodingSteps": 69,
  "PhaseResolution": 1,
  "PixelBandwidth": 2500,
  "ProcedureStepDescription": "Smith Lab^SRA",
  "ProtocolName": "task-UGR_run1_CMRR_MB3_IP2_ME4_TR1615",
  "PulseSequenceDetails": "%CustomerSeq%\\cmrr_mbep2d_bold",
  "ReceiveCoilActiveElements": "HE1-4;NE1,2",
  "ReceiveCoilName": "HeadNeck_20",
  "ReconMatrixPE": 80,
  "RefLinesPE": 58,
  "RepetitionTime": 1.615,
  "SAR": 0.0262362,
  "ScanOptions": "PFP\\FS",
  "ScanningSequence": "EP",
  "SequenceName": "epfid2d4_80",
  "SequenceVariant": "SK\\SS",
  "SeriesDescription": "task-UGR_run1_CMRR_MB3_IP2_ME4_TR1615",
  "SeriesNumber": 27,
  "ShimSetting": [
    3017,
    -11876,
    6797,
    381,
    -35,
    -82,
    -9,
    71
  ],
  "SliceThickness": 2.7,
  "SliceTiming": [
    1.5025,
    1.4075,
    1.315,
    1.22,
    1.1275,
    1.0325,
    0.94,
    0.845,
    0.7525,
    0.6575,
    0.565,
    0.47,
    0.375,
    0.2825,
    0.1875,
    0.095,
    0,
    1.5025,
    1.4075,
    1.315,
    1.22,
    1.1275,
    1.0325,
    0.94,
    0.845,
    0.7525,
    0.6575,
    0.565,
    0.47,
    0.375,
    0.2825,
    0.1875,
    0.095,
    0,
    1.5025,
    1.4075,
    1.315,
    1.22,
    1.1275,
    1.0325,
    0.94,
    0.845,
    0.7525,
    0.6575,
    0.565,
    0.47,
    0.375,
    0.2825,
    0.1875,
    0.095,
    0
  ],
  "SoftwareVersions": "syngo MR E11",
  "SpacingBetweenSlices": 2.97,
  "StationName": "AWP166048",
  "TaskName": "ugr",
  "TotalReadoutTime": 0.0193552,
  "TxRefAmp": 243.451,
  "WipMemBlock": "345c6795-8a3d-4a64-830e-a334f1195410||Sequence: R016 ve11e/master r/434b28f1; Aug  7 2019 18:53:46 by eja"
}